GEM
  remote: https://rubygems.org/
  specs:
    clipboard (1.3.3)
    colorize (0.8.1)

PLATFORMS
  ruby

DEPENDENCIES
  clipboard
  colorize
  ffi

BUNDLED WITH
   2.0.2
